GEM
  remote: https://rubygems.org/
  specs:
    activemodel (5.0.2)
      activesupport (= 5.0.2)
    activerecord (5.0.2)
      activemodel (= 5.0.2)
      activesupport (= 5.0.2)
      arel (~> 7.0)
    activesupport (5.0.2)
      concurrent-ruby (~> 1.0, >= 1.0.2)
      i18n (~> 0.7)
      minitest (~> 5.1)
      tzinfo (~> 1.1)
    arel (7.1.4)
    concurrent-ruby (1.0.5)
    i18n (0.8.1)
    minitest (5.10.1)
    mustermann (1.0.0)
    rack (2.0.1)
    rack-protection (2.0.0)
      rack
    rake (12.0.0)
    sinatra (2.0.0)
      mustermann (~> 1.0)
      rack (~> 2.0)
      rack-protection (= 2.0.0)
      tilt (~> 2.0)
    sinatra-activerecord (2.0.12)
      activerecord (>= 3.2)
      sinatra (>= 1.0)
    sqlite3 (1.3.13)
    thread_safe (0.3.6)
    tilt (2.0.7)
    tzinfo (1.2.3)
      thread_safe (~> 0.1)

PLATFORMS
  ruby

DEPENDENCIES
  activerecord
  rake
  sinatra
  sinatra-activerecord
  sqlite3

BUNDLED WITH
   1.15.1
